GEM
  remote: http://rubygems.org/
  specs:
    awesome_print (0.4.0)
    crack (0.1.8)
    dalli (1.0.5)
    diff-lcs (1.1.2)
    foreman (0.19.0)
      term-ansicolor (~> 1.0.5)
      thor (>= 0.13.6)
    geocoder (1.0.2)
    haml (3.1.2)
    httparty (0.7.8)
      crack (= 0.1.8)
    rack (1.3.1)
    rack-test (0.6.0)
      rack (>= 1.0)
    rake (0.9.2)
    rspec (2.4.0)
      rspec-core (~> 2.4.0)
      rspec-expectations (~> 2.4.0)
      rspec-mocks (~> 2.4.0)
    rspec-core (2.4.0)
    rspec-expectations (2.4.0)
      diff-lcs (~> 1.1.2)
    rspec-mocks (2.4.0)
    shotgun (0.9)
      rack (>= 1.0)
    sinatra (1.2.6)
      rack (~> 1.1)
      tilt (>= 1.2.2, < 2.0)
    term-ansicolor (1.0.6)
    thor (0.14.6)
    tilt (1.3.2)
    time-ago-in-words (0.1.2)

PLATFORMS
  ruby

DEPENDENCIES
  awesome_print
  dalli (= 1.0.5)
  foreman
  geocoder (= 1.0.2)
  haml (= 3.1.2)
  httparty (= 0.7.8)
  rack-test
  rake (= 0.9.2)
  rspec (= 2.4.0)
  shotgun
  sinatra (~> 1.2.1)
  time-ago-in-words (= 0.1.2)
